GIT
  remote: https://github.com/drewish/scottkit.git
  revision: 64d1de19977730098b07c1616633ed2fe8746b54
  branch: master
  specs:
    scottkit (1.5.0)

GEM
  remote: https://rubygems.org/
  specs:
    activesupport (5.1.4)
      concurrent-ruby (~> 1.0, >= 1.0.2)
      i18n (~> 0.7)
      minitest (~> 5.1)
      tzinfo (~> 1.1)
    celluloid (0.17.3)
      celluloid-essentials
      celluloid-extras
      celluloid-fsm
      celluloid-pool
      celluloid-supervision
      timers (>= 4.1.1)
    celluloid-essentials (0.20.5)
      timers (>= 4.1.1)
    celluloid-extras (0.20.5)
      timers (>= 4.1.1)
    celluloid-fsm (0.20.5)
      timers (>= 4.1.1)
    celluloid-io (0.17.3)
      celluloid (>= 0.17.2)
      nio4r (>= 1.1)
      timers (>= 4.1.1)
    celluloid-pool (0.20.5)
      timers (>= 4.1.1)
    celluloid-supervision (0.20.6)
      timers (>= 4.1.1)
    coderay (1.1.1)
    concurrent-ruby (1.0.5)
    faraday (0.13.1)
      multipart-post (>= 1.2, < 3)
    faraday_middleware (0.12.2)
      faraday (>= 0.7.4, < 1.0)
    gli (2.16.1)
    hashie (3.5.6)
    hitimes (1.2.6)
    i18n (0.9.0)
      concurrent-ruby (~> 1.0)
    json (2.1.0)
    method_source (0.8.2)
    minitest (5.10.3)
    multipart-post (2.0.0)
    nio4r (2.1.0)
    pry (0.10.4)
      coderay (~> 1.1.0)
      method_source (~> 0.8.1)
      slop (~> 3.4)
    slack-ruby-client (0.10.0)
      activesupport
      faraday (>= 0.9)
      faraday_middleware
      gli
      hashie
      json
      websocket-driver
    slop (3.6.0)
    thread_safe (0.3.6)
    timers (4.1.2)
      hitimes
    tzinfo (1.2.3)
      thread_safe (~> 0.1)
    websocket-driver (0.7.0)
      websocket-extensions (>= 0.1.0)
    websocket-extensions (0.1.2)

PLATFORMS
  ruby

DEPENDENCIES
  celluloid-io
  pry
  scottkit!
  slack-ruby-client

BUNDLED WITH
   1.13.7
